GEM
  remote: http://rubygems.org/
  specs:
    mini_portile (0.5.3)
    nokogiri (1.6.2)
      mini_portile (~> 0.5.2)

PLATFORMS
  ruby

DEPENDENCIES
  nokogiri
